GEM
  remote: https://rubygems.org/
  specs:
    hoe (3.12.0)
      rake (>= 0.8, < 11.0)
    minitest (5.3.4)
    rake (10.3.2)

PLATFORMS
  ruby

DEPENDENCIES
  hoe
  minitest
